GEM
  specs:
    minitest (5.10.3)
    rake (12.0.0)

PLATFORMS
  ruby

DEPENDENCIES
  minitest
  rake

BUNDLED WITH
   1.14.5
